GEM
  remote: http://rubygems.org/
  specs:
    amq-protocol (1.8.0)
    bunny (1.0.3)
      amq-protocol (>= 1.8.0)
    haml (4.0.4)
      tilt
    rack (1.5.2)
    rack-protection (1.5.1)
      rack
    sinatra (1.4.4)
      rack (~> 1.4)
      rack-protection (~> 1.4)
      tilt (~> 1.3, >= 1.3.4)
    tilt (1.4.1)

PLATFORMS
  ruby

DEPENDENCIES
  bunny
  haml
  sinatra
